PATH
  remote: .
  specs:
    prefab-cloud-ruby (0.23.6)
      concurrent-ruby (~> 1.0, >= 1.0.5)
      faraday
      google-protobuf
      googleapis-common-protos-types
      ld-eventsource
      uuid

GEM
  remote: https://rubygems.org/
  specs:
    addressable (2.8.4)
      public_suffix (>= 2.0.2, < 6.0)
    ansi (1.5.0)
    benchmark-ips (2.12.0)
    builder (3.2.4)
    concurrent-ruby (1.2.2)
    docile (1.4.0)
    domain_name (0.5.20190701)
      unf (>= 0.0.5, < 1.0.0)
    faraday (2.7.4)
      faraday-net_http (>= 2.0, < 3.1)
      ruby2_keywords (>= 0.0.4)
    faraday-net_http (3.0.2)
    ffi (1.15.5)
    ffi-compiler (1.0.1)
      ffi (>= 1.0.0)
      rake
    google-protobuf (3.22.3)
    googleapis-common-protos-types (1.5.0)
      google-protobuf (~> 3.14)
    http (5.1.1)
      addressable (~> 2.8)
      http-cookie (~> 1.0)
      http-form_data (~> 2.2)
      llhttp-ffi (~> 0.4.0)
    http-cookie (1.0.5)
      domain_name (~> 0.5)
    http-form_data (2.3.0)
    ld-eventsource (2.2.2)
      concurrent-ruby (~> 1.0)
      http (>= 4.4.1, < 6.0.0)
    llhttp-ffi (0.4.0)
      ffi-compiler (~> 1.0)
      rake (~> 13.0)
    macaddr (1.7.2)
      systemu (~> 2.6.5)
    minitest (5.18.0)
    minitest-focus (1.3.1)
      minitest (>= 4, < 6)
    minitest-reporters (1.6.0)
      ansi
      builder
      minitest (>= 5.0)
      ruby-progressbar
    psych (5.1.0)
      stringio
    public_suffix (5.0.1)
    rake (13.0.6)
    rdoc (6.5.0)
      psych (>= 4.0.0)
    ruby-progressbar (1.13.0)
    ruby2_keywords (0.0.5)
    simplecov (0.22.0)
      docile (~> 1.1)
      simplecov-html (~> 0.11)
      simplecov_json_formatter (~> 0.1)
    simplecov-html (0.12.3)
    simplecov_json_formatter (0.1.4)
    stringio (3.0.6)
    systemu (2.6.5)
    timecop (0.9.6)
    unf (0.1.4)
      unf_ext
    unf_ext (0.0.8.2)
    uuid (2.3.9)
      macaddr (~> 1.0)

PLATFORMS
  ruby

DEPENDENCIES
  benchmark-ips
  bundler
  minitest
  minitest-focus
  minitest-reporters
  prefab-cloud-ruby!
  rdoc
  simplecov
  timecop

BUNDLED WITH
   2.3.5
